GEM
  remote: https://rubygems.org/
  specs:
    json (1.8.2)
    link_header (0.0.8)
    net-http-persistent (2.9.4)
    rack (1.6.0)
    rack-protection (1.5.3)
      rack
    rdf (1.1.11)
      link_header (~> 0.0, >= 0.0.8)
    sinatra (1.4.6)
      rack (~> 1.4)
      rack-protection (~> 1.4)
      tilt (>= 1.3, < 3)
    sparql-client (1.1.4)
      net-http-persistent (~> 2.9)
      rdf (~> 1.1)
    tilt (2.0.1)

PLATFORMS
  ruby

DEPENDENCIES
  json
  rdf
  sinatra
  sparql-client
